GEM
  remote: http://rubygems.org/
  specs:
    descriptive-statistics (2.1.2)

PLATFORMS
  ruby

DEPENDENCIES
  descriptive-statistics
